NUGET
  remote: https://nuget.org/api/v2
  specs:
    SharpZipLib (0.86.0)
